PATH
  remote: .
  specs:
    echo_uploads (0.0.23)
      mime-types (~> 2)

GEM
  remote: https://rubygems.org/
  specs:
    mime-types (2.99.3)

PLATFORMS
  ruby

DEPENDENCIES
  echo_uploads!

BUNDLED WITH
   1.15.0
