PATH
  remote: .
  specs:
    echo_uploads (0.0.12)
      mime-types

GEM
  remote: https://rubygems.org/
  specs:
    ansi (1.5.0)
    mime-types (2.6.1)
    minitest (4.7.5)
    turn (0.9.7)
      ansi
      minitest (~> 4)

PLATFORMS
  ruby

DEPENDENCIES
  echo_uploads!
  turn (~> 0)
